PATH
  remote: .
  specs:
    active_node (0.5.0)
      curb
      deep_hash
      json

GEM
  remote: http://www.rubygems.org/
  specs:
    activerecord (2.3.16)
      activesupport (= 2.3.16)
    activesupport (2.3.16)
    curb (0.8.4)
    deep_hash (0.0.2)
    json (1.8.0)
    metaclass (0.0.1)
    mocha (0.14.0)
      metaclass (~> 0.0.1)
    rake (10.1.0)
    shoulda (3.0.1)
      shoulda-context (~> 1.0.0)
      shoulda-matchers (~> 1.0.0)
    shoulda-context (1.0.2)
    shoulda-matchers (1.0.0)

PLATFORMS
  ruby

DEPENDENCIES
  active_node!
  activerecord (~> 2.3.9)
  mocha
  rake
  shoulda (= 3.0.1)
